GEM
  remote: https://rubygems.org/
  specs:
    arthropod (0.0.5)
      aws-sdk-sqs
    aws-eventstream (1.0.3)
    aws-partitions (1.262.0)
    aws-sdk-core (3.87.0)
      aws-eventstream (~> 1.0, >= 1.0.2)
      aws-partitions (~> 1, >= 1.239.0)
      aws-sigv4 (~> 1.1)
      jmespath (~> 1.0)
    aws-sdk-sqs (1.23.1)
      aws-sdk-core (~> 3, >= 3.71.0)
      aws-sigv4 (~> 1.1)
    aws-sigv4 (1.1.0)
      aws-eventstream (~> 1.0, >= 1.0.2)
    jmespath (1.6.1)
    rack (2.0.8)

PLATFORMS
  ruby

DEPENDENCIES
  arthropod (= 0.0.5)
  rack (~> 2.0.8)

RUBY VERSION
   ruby 2.5.7p206

BUNDLED WITH
   2.1.4
